PATH
  remote: .
  specs:
    phonelib (0.6.44)

GEM
  remote: http://rubygems.org/
  specs:
    codeclimate-test-reporter (1.0.8)
      simplecov (<= 0.13)
    coderay (1.1.2)
    diff-lcs (1.2.5)
    docile (1.1.5)
    json (1.8.6)
    method_source (0.9.0)
    mini_portile2 (2.4.0)
    nokogiri (1.10.9)
      mini_portile2 (~> 2.4.0)
    pry (0.11.3)
      coderay (~> 1.1.0)
      method_source (~> 0.9.0)
    rack (2.2.3)
    rack-cache (1.2)
      rack (>= 0.4)
    rake (13.0.1)
    rspec (2.14.1)
      rspec-core (~> 2.14.0)
      rspec-expectations (~> 2.14.0)
      rspec-mocks (~> 2.14.0)
    rspec-core (2.14.8)
    rspec-expectations (2.14.5)
      diff-lcs (>= 1.1.3, < 2.0)
    rspec-mocks (2.14.6)
    simplecov (0.13.0)
      docile (~> 1.1.0)
      json (>= 1.8, < 3)
      simplecov-html (~> 0.10.0)
    simplecov-html (0.10.2)

PLATFORMS
  ruby

DEPENDENCIES
  codeclimate-test-reporter (~> 1.0.0)
  json (= 1.8.6)
  nokogiri (~> 1.10.8)
  phonelib!
  pry
  rack-cache (= 1.2)
  rake (< 14.0)
  rspec (= 2.14.1)
  simplecov

BUNDLED WITH
   1.17.3
